PATH
  remote: .
  specs:
    vortex (0.1.0)

GEM
  remote: https://rubygems.org/
  specs:
    actionpack (4.2.6)
      actionview (= 4.2.6)
      activesupport (= 4.2.6)
      rack (~> 1.6)
      rack-test (~> 0.6.2)
      rails-dom-testing (~> 1.0, >= 1.0.5)
      rails-html-sanitizer (~> 1.0, >= 1.0.2)
    actionview (4.2.6)
      activesupport (= 4.2.6)
      builder (~> 3.1)
      erubis (~> 2.7.0)
      rails-dom-testing (~> 1.0, >= 1.0.5)
      rails-html-sanitizer (~> 1.0, >= 1.0.2)
    activesupport (4.2.6)
      i18n (~> 0.7)
      json (~> 1.7, >= 1.7.7)
      minitest (~> 5.1)
      thread_safe (~> 0.3, >= 0.3.4)
      tzinfo (~> 1.1)
    builder (3.2.2)
    codeclimate-test-reporter (0.5.2)
      simplecov (>= 0.7.1, < 1.0.0)
    coderay (1.1.1)
    connection_pool (2.2.0)
    cucumber (0.10.7)
      builder (>= 2.1.2)
      diff-lcs (>= 1.1.2)
      gherkin (~> 2.4.0)
      json (>= 1.4.6)
      term-ansicolor (>= 1.0.5)
    dedalus (0.2.21)
      geometer (~> 0.1)
      joyce (~> 0.1)
    diff-lcs (1.2.5)
    docile (1.1.5)
    dotenv (2.1.1)
    erubis (2.7.0)
    geometer (0.1.3)
    gherkin (2.4.21)
      json (>= 1.4.6)
    gosu (0.10.7)
    i18n (0.7.0)
    joyce (0.2.6)
      actionpack (~> 4.2)
      metacosm (~> 0.3)
    json (1.8.3)
    kramdown (1.11.1)
    loofah (2.0.3)
      nokogiri (>= 1.5.9)
    metacosm (0.3.8)
      connection_pool (~> 2.2)
      passive_record (~> 0.4)
      redis (~> 3.2)
    method_source (0.8.2)
    mini_portile2 (2.1.0)
    minitest (5.9.0)
    nokogiri (1.6.8)
      mini_portile2 (~> 2.1.0)
      pkg-config (~> 1.1.7)
    passive_record (0.4.4)
      activesupport (~> 4.2)
    physicist (0.1.3)
    pkg-config (1.1.7)
    pry (0.10.3)
      coderay (~> 1.1.0)
      method_source (~> 0.8.1)
      slop (~> 3.4)
    rack (1.6.4)
    rack-protection (1.5.3)
      rack
    rack-test (0.6.3)
      rack (>= 1.0)
    rails-deprecated_sanitizer (1.0.3)
      activesupport (>= 4.2.0.alpha)
    rails-dom-testing (1.0.7)
      activesupport (>= 4.2.0.beta, < 5.0)
      nokogiri (~> 1.6.0)
      rails-deprecated_sanitizer (>= 1.0.1)
    rails-html-sanitizer (1.0.3)
      loofah (~> 2.0)
    rake (10.5.0)
    redis (3.3.0)
    rspec (3.4.0)
      rspec-core (~> 3.4.0)
      rspec-expectations (~> 3.4.0)
      rspec-mocks (~> 3.4.0)
    rspec-core (3.4.4)
      rspec-support (~> 3.4.0)
    rspec-expectations (3.4.0)
      diff-lcs (>= 1.2.0, < 2.0)
      rspec-support (~> 3.4.0)
    rspec-mocks (3.4.1)
      diff-lcs (>= 1.2.0, < 2.0)
      rspec-support (~> 3.4.0)
    rspec-support (3.4.1)
    rubygems-tasks (0.2.4)
    simplecov (0.11.2)
      docile (~> 1.1.0)
      json (~> 1.8)
      simplecov-html (~> 0.10.0)
    simplecov-html (0.10.0)
    sinatra (1.4.7)
      rack (~> 1.5)
      rack-protection (~> 1.4)
      tilt (>= 1.3, < 3)
    slop (3.6.0)
    term-ansicolor (1.3.2)
      tins (~> 1.0)
    thread_safe (0.3.5)
    tilt (2.0.5)
    timecop (0.8.1)
    tins (1.10.2)
    tzinfo (1.2.2)
      thread_safe (~> 0.1)
    yard (0.8.7.6)

PLATFORMS
  ruby

DEPENDENCIES
  bundler (~> 1.10)
  codeclimate-test-reporter (~> 0.1)
  cucumber (~> 0.10.2)
  dedalus
  dotenv
  gosu
  kramdown
  physicist
  pry
  rake (~> 10.0)
  rspec (~> 3.0)
  rubygems-tasks (~> 0.2)
  sinatra
  timecop
  vortex!
  yard (~> 0.8)

BUNDLED WITH
   1.11.2
